GEM
  remote: https://rubygems.org/
  specs:
    blankslate (2.1.2.4)
    crass (0.2.1)
    mini_portile (0.6.0)
    nokogiri (1.6.3.1)
      mini_portile (= 0.6.0)
    nokogumbo (1.1.9)
      nokogiri
    parslet (1.4.0)
      blankslate (~> 2.0)
    sanitize (3.0.0)
      crass (~> 0.2.0)
      nokogiri (>= 1.4.4)
      nokogumbo (= 1.1.9)
    upmark (0.2.0)
      parslet (= 1.4.0)

PLATFORMS
  ruby

DEPENDENCIES
  nokogiri (~> 1.6.3.1)
  sanitize (~> 3.0.0)
  upmark (~> 0.2.0)
